GEM
  remote: https://rubygems.org/
  specs:
    tilt (2.0.9)

PLATFORMS
  ruby

DEPENDENCIES
  tilt (~> 2.0, >= 2.0.9)

BUNDLED WITH
   1.17.2
